GIT
  remote: git@github.com:beachyapp/capistrano-slackify.git
  revision: 2168c82ec220417aafdb3414fb83be92666c93de
  specs:
    capistrano-slackify (2.6.0)
      capistrano (>= 3.2.0)
      multi_json

GEM
  remote: https://rubygems.org/
  specs:
    capistrano (3.4.0)
      i18n
      rake (>= 10.0.0)
      sshkit (~> 1.3)
    capistrano-ext (1.2.1)
      capistrano (>= 1.0.0)
    colorize (0.7.7)
    i18n (0.7.0)
    multi_json (1.11.2)
    net-scp (1.2.1)
      net-ssh (>= 2.6.5)
    net-ssh (2.9.2)
    rake (10.4.2)
    sshkit (1.7.1)
      colorize (>= 0.7.0)
      net-scp (>= 1.1.2)
      net-ssh (>= 2.8.0)

PLATFORMS
  ruby

DEPENDENCIES
  capistrano
  capistrano-ext
  capistrano-slackify!

BUNDLED WITH
   1.10.5
